GEM
  remote: http://rubygems.org/
  specs:
    activemodel (3.0.7)
      activesupport (= 3.0.7)
      builder (~> 2.1.2)
      i18n (~> 0.5.0)
    activesupport (3.0.7)
    bson (1.3.0)
    bson_ext (1.3.0)
    builder (2.1.2)
    columnize (0.3.2)
    i18n (0.5.0)
    json (1.5.1)
    linecache (0.43)
    mongo (1.3.0)
      bson (>= 1.3.0)
    mongo_mapper (0.9.0)
      activemodel (~> 3.0.0)
      activesupport (~> 3.0.0)
      plucky (~> 0.3.6)
    plucky (0.3.8)
      mongo (~> 1.3)
    rack (1.2.2)
    rack-test (0.5.7)
      rack (>= 1.0)
    rack-throttle (0.3.0)
      rack (>= 1.0.0)
    ruby-debug (0.10.4)
      columnize (>= 0.1)
      ruby-debug-base (~> 0.10.4.0)
    ruby-debug-base (0.10.4)
      linecache (>= 0.3)
    sinatra (1.2.6)
      rack (~> 1.1)
      tilt (< 2.0, >= 1.2.2)
    sinatra-mongomapper (1.0.2)
      mongo_mapper
      sinatra
    tilt (1.3)

PLATFORMS
  ruby

DEPENDENCIES
  bson_ext
  json
  rack
  rack-test
  rack-throttle
  ruby-debug
  sinatra
  sinatra-mongomapper
